GEM
  remote: http://rubygems.org/
  specs:
    rack (1.2.1)
    sequel (3.15.0)
    sinatra (1.0)
      rack (>= 1.0)
    sinatra-sequel (0.9.0)
      sequel (>= 3.2.0)
      sinatra (>= 0.9.4)
    sqlite3-ruby (1.3.1)

PLATFORMS
  ruby

DEPENDENCIES
  sequel
  sinatra
  sinatra-sequel
  sqlite3-ruby
